PATH
  remote: .
  specs:
    cmu_person (0.0.1)
      net-ldap

GEM
  remote: http://rubygems.org/
  specs:
    diff-lcs (1.1.3)
    net-ldap (0.3.1)
    redcarpet (2.1.1)
    rspec (2.10.0)
      rspec-core (~> 2.10.0)
      rspec-expectations (~> 2.10.0)
      rspec-mocks (~> 2.10.0)
    rspec-core (2.10.0)
    rspec-expectations (2.10.0)
      diff-lcs (~> 1.1.3)
    rspec-mocks (2.10.1)
    yard (0.8.1)

PLATFORMS
  ruby

DEPENDENCIES
  cmu_person!
  redcarpet
  rspec
  yard
